PATH
  remote: .
  specs:
    ebay-services-light-api (0.1.1)
      nokogiri
      typhoeus

GEM
  remote: http://rubygems.org/
  specs:
    active_support (3.0.0)
      activesupport (= 3.0.0)
    activesupport (3.0.0)
    addressable (2.3.5)
    crack (0.4.0)
      safe_yaml (~> 0.9.0)
    ethon (0.5.12)
      ffi (>= 1.3.0)
      mime-types (~> 1.18)
    ffi (1.9.0)
    metaclass (0.0.1)
    mime-types (1.23)
    mini_portile (0.5.0)
    mocha (0.14.0)
      metaclass (~> 0.0.1)
    nokogiri (1.6.0)
      mini_portile (~> 0.5.0)
    safe_yaml (0.9.3)
    typhoeus (0.6.3)
      ethon (~> 0.5.11)
    webmock (1.12.3)
      addressable (>= 2.2.7)
      crack (>= 0.3.2)

PLATFORMS
  ruby

DEPENDENCIES
  active_support
  ebay-services-light-api!
  mocha
  webmock
